NUGET
  remote: https://www.nuget.org/api/v2
  specs:
    FSharp.Core (4.0.0.1)
    Hopac (0.1.3)
      FSharp.Core (>= 3.1.2.5)
